GEM
  remote: http://rubygems.org/
  specs:
    coderay (1.0.8)
    colorize (0.7.3)
    diff-lcs (1.2.5)
    method_source (0.8.2)
    pry (0.9.10)
      coderay (~> 1.0.5)
      method_source (~> 0.8)
      slop (~> 3.3.1)
    rspec (2.14.1)
      rspec-core (~> 2.14.0)
      rspec-expectations (~> 2.14.0)
      rspec-mocks (~> 2.14.0)
    rspec-core (2.14.8)
    rspec-expectations (2.14.5)
      diff-lcs (>= 1.1.3, < 2.0)
    rspec-mocks (2.14.6)
    slop (3.3.3)
    thor (0.19.1)
    virb (0.1.1)

PLATFORMS
  ruby

DEPENDENCIES
  colorize
  pry (= 0.9.10)
  rspec
  thor
  virb
